PATH
  remote: .
  specs:
    oo-install (0.0.1)
      bundler
      highline
      i18n
      net-ssh
      rake
      rspec
      terminal-table

GEM
  remote: https://rubygems.org/
  specs:
    diff-lcs (1.2.4)
    highline (1.6.19)
    i18n (0.6.5)
    net-scp (1.2.1)
      net-ssh (>= 2.6.5)
    net-ssh (2.9.2.beta)
    net-ssh-gateway (1.2.0)
      net-ssh (>= 2.6.5)
    net-ssh-multi (1.2.0)
      net-ssh (>= 2.6.5)
      net-ssh-gateway (>= 1.2.0)
    rake (10.1.0)
    rspec (2.14.1)
      rspec-core (~> 2.14.0)
      rspec-expectations (~> 2.14.0)
      rspec-mocks (~> 2.14.0)
    rspec-core (2.14.5)
    rspec-expectations (2.14.3)
      diff-lcs (>= 1.1.3, < 2.0)
    rspec-mocks (2.14.3)
    terminal-table (1.4.5)
    thor (0.19.1)

PLATFORMS
  ruby

DEPENDENCIES
  bundler (= 1.3.5)
  highline (= 1.6.19)
  i18n (= 0.6.5)
  net-scp (= 1.2.1)
  net-ssh (= 2.9.2.beta)
  net-ssh-multi (= 1.2.0)
  oo-install!
  rake (= 10.1.0)
  rspec (= 2.14.1)
  rspec-core (= 2.14.5)
  rspec-expectations (= 2.14.3)
  rspec-mocks (= 2.14.3)
  terminal-table (= 1.4.5)
  thor (= 0.19.1)
